GEM
  remote: https://rubygems.org/
  specs:
    faraday (0.9.2)
      multipart-post (>= 1.2, < 3)
    logger (1.2.8)
    multipart-post (2.0.0)
    oj (2.17.4)
    togglv8 (1.2.1)
      faraday
      logger
      oj

PLATFORMS
  ruby

DEPENDENCIES
  togglv8

BUNDLED WITH
   1.12.5
